GEM
  remote: https://rubygems.org/
  specs:
    activemodel (3.2.19)
      activesupport (= 3.2.19)
      builder (~> 3.0.0)
    activerecord (3.2.19)
      activemodel (= 3.2.19)
      activesupport (= 3.2.19)
      arel (~> 3.0.2)
      tzinfo (~> 0.3.29)
    activesupport (3.2.19)
      i18n (~> 0.6, >= 0.6.4)
      multi_json (~> 1.0)
    arel (3.0.3)
    attributor (2.2.0)
      hashie (~> 3)
      randexp (~> 0)
    builder (3.0.4)
    byebug (3.2.0)
      columnize (~> 0.8)
      debugger-linecache (~> 1.2)
    coderay (1.1.0)
    color (1.7.1)
    columnize (0.8.9)
    debugger-linecache (1.2.0)
    diff-lcs (1.2.5)
    fastercsv (1.5.5)
    hashie (3.3.1)
    i18n (0.6.11)
    method_source (0.8.2)
    mime (0.4.2)
    multi_json (1.10.1)
    mustermann (0.3.1)
      tool (~> 0.2)
    mysql2 (0.3.16)
    pdf-writer (1.1.8)
      color (>= 1.4.0)
      transaction-simple (~> 1.3)
    praxis (0.10.1)
      activesupport (>= 3)
      attributor (~> 2.2)
      mime (~> 0)
      mustermann (~> 0)
      praxis-blueprints (~> 1.1)
      praxis-mapper (~> 3.1)
      rack (~> 1)
      ruport (~> 1)
      thor (~> 0)
    praxis-blueprints (1.1.0)
      activesupport (>= 3)
      attributor (~> 2)
      randexp (~> 0)
    praxis-mapper (3.1.2)
      activesupport (>= 3)
      randexp (~> 0)
      sequel (~> 4)
    pry (0.10.1)
      coderay (~> 1.1.0)
      method_source (~> 0.8.1)
      slop (~> 3.4)
    rack (1.5.2)
    rake (10.3.2)
    randexp (0.1.7)
    rspec (3.1.0)
      rspec-core (~> 3.1.0)
      rspec-expectations (~> 3.1.0)
      rspec-mocks (~> 3.1.0)
    rspec-core (3.1.4)
      rspec-support (~> 3.1.0)
    rspec-expectations (3.1.1)
      diff-lcs (>= 1.2.0, < 2.0)
      rspec-support (~> 3.1.0)
    rspec-mocks (3.1.1)
      rspec-support (~> 3.1.0)
    rspec-support (3.1.0)
    ruport (1.6.3)
      fastercsv
      pdf-writer (= 1.1.8)
    sequel (4.14.0)
    slop (3.6.0)
    thor (0.19.1)
    tool (0.2.2)
    transaction-simple (1.4.0.2)
    tzinfo (0.3.41)

PLATFORMS
  ruby

DEPENDENCIES
  activerecord (~> 3.2.18)
  byebug
  mysql2 (~> 0.3.16)
  praxis
  pry
  rack (~> 1.0)
  rake
  rspec
